PATH
  remote: .
  specs:
    tributary (0.0.4)
      haml
      kramdown
      sinatra (>= 1.1.2)
      sinatra-r18n

GEM
  remote: http://rubygems.org/
  specs:
    base64 (0.2.0)
    diff-lcs (1.1.3)
    haml (3.1.6)
    kramdown (2.4.0)
      rexml
    mustermann (3.0.0)
      ruby2_keywords (~> 0.0.1)
    r18n-core (0.4.14)
    rack (3.0.11)
    rack-protection (4.0.0)
      base64 (>= 0.1.0)
      rack (>= 3.0.0, < 4)
    rack-session (2.0.0)
      rack (>= 3.0.0)
    rack-test (0.6.1)
      rack (>= 1.0)
    rexml (3.2.8)
      strscan (>= 3.0.9)
    rspec (2.10.0)
      rspec-core (~> 2.10.0)
      rspec-expectations (~> 2.10.0)
      rspec-mocks (~> 2.10.0)
    rspec-core (2.10.1)
    rspec-expectations (2.10.0)
      diff-lcs (~> 1.1.3)
    rspec-mocks (2.10.1)
    ruby2_keywords (0.0.5)
    sinatra (4.0.0)
      mustermann (~> 3.0)
      rack (>= 3.0.0, < 4)
      rack-protection (= 4.0.0)
      rack-session (>= 2.0.0, < 3)
      tilt (~> 2.0)
    sinatra-r18n (0.4.14)
      r18n-core (= 0.4.14)
      sinatra (>= 1.3)
    strscan (3.1.0)
    tilt (2.3.0)

PLATFORMS
  ruby

DEPENDENCIES
  rack-test
  rspec (>= 2)
  tributary!
